{
	"Modality": "MR",
	"MagneticFieldStrength": 0.063,
	"ImagingFrequency": 2.69802,
	"ManufacturersModelName": "swoop",
	"InstitutionName": "CURE Childrens Hospital Uganda",
	"InstitutionAddress": "Mbale, Uganda",
	"DeviceSerialNumber": "HG21090048",
	"StationName": "MRI",
	"PatientPosition": "HFS",
	"SoftwareVersions": "8.6.0",
	"MRAcquisitionType": "3D",
	"SeriesDescription": "FLAIR (AXI)",
	"ProtocolName": "FLAIR (AXI)",
	"ScanningSequence": "SE\\IR",
	"SequenceVariant": "NONE",
	"SequenceName": "FLAIR (AXI)",
	"PulseSequenceName": "FLAIR (AXI)",
	"ImageType": ["ORIGINAL", "PRIMARY", "OTHER", "NONE"],
	"SeriesNumber": 5,
	"AcquisitionTime": "11:46:53.000000",
	"SliceThickness": 5,
	"NumberOfAverages": 4,
	"EchoTime": 0.1996,
	"RepetitionTime": 4,
	"MTState": false,
	"InversionTime": 1.40157,
	"FlipAngle": 90,
	"CoilString": "815-11016-04",
	"PercentPhaseFOV": 65,
	"PercentSampling": 100,
	"EchoTrainLength": 80,
	"PartialFourierDirection": "PHASE",
	"AcquisitionMatrixPE": 138,
	"ReconMatrixPE": 112,
	"AcquisitionDuration": 568.842,
	"PixelBandwidth": 571.429,
	"PhaseEncodingAxis": "i",
	"ImageOrientationPatientDICOM": [
		1,
		0,
		0,
		0,
		1,
		0	],
	"InPlanePhaseEncodingDirectionDICOM": "ROW",
	"ConversionSoftware": "dcm2niix",
	"ConversionSoftwareVersion": "v1.0.20220720"
}
