{
	"Modality": "MR",
	"MagneticFieldStrength": 0.063,
	"ImagingFrequency": 2.6979,
	"ManufacturersModelName": "swoop",
	"InstitutionName": "CURE Childrens Hospital Uganda",
	"InstitutionAddress": "Mbale, Uganda",
	"DeviceSerialNumber": "HG21090048",
	"StationName": "MRI",
	"PatientPosition": "HFS",
	"SoftwareVersions": "8.6.0",
	"MRAcquisitionType": "3D",
	"SeriesDescription": "T1 (AXI)- Standard",
	"ProtocolName": "T1 (AXI)- Standard",
	"ScanningSequence": "SE\\IR",
	"SequenceVariant": "NONE",
	"SequenceName": "T1 (AXI)- Standa",
	"PulseSequenceName": "T1 (AXI)- Standa",
	"ImageType": ["ORIGINAL", "PRIMARY", "T1 MAP", "NONE"],
	"SeriesNumber": 3,
	"AcquisitionTime": "11:35:59.000000",
	"SliceThickness": 5,
	"NumberOfAverages": 2,
	"EchoTime": 0.00662,
	"RepetitionTime": 0.88,
	"MTState": false,
	"InversionTime": 0.354,
	"FlipAngle": 90,
	"CoilString": "815-11016-04",
	"PercentPhaseFOV": 100,
	"PercentSampling": 100,
	"EchoTrainLength": 24,
	"AcquisitionMatrixPE": 112,
	"ReconMatrixPE": 112,
	"AcquisitionDuration": 220.682,
	"PixelBandwidth": 463.768,
	"PhaseEncodingAxis": "i",
	"ImageOrientationPatientDICOM": [
		1,
		0,
		0,
		0,
		1,
		0	],
	"InPlanePhaseEncodingDirectionDICOM": "ROW",
	"ConversionSoftware": "dcm2niix",
	"ConversionSoftwareVersion": "v1.0.20220720"
}
