{
	"Modality": "MR",
	"MagneticFieldStrength": 0.063,
	"ImagingFrequency": 2.69522,
	"ManufacturersModelName": "swoop",
	"InstitutionName": "CURE Childrens Hospital Uganda",
	"InstitutionAddress": "Mbale, Uganda",
	"DeviceSerialNumber": "HG21090048",
	"StationName": "MRI",
	"PatientPosition": "HFS",
	"SoftwareVersions": "8.6.0",
	"MRAcquisitionType": "3D",
	"SeriesDescription": "T2 (AXI)",
	"ProtocolName": "T2 (AXI)",
	"ScanningSequence": "SE",
	"SequenceVariant": "NONE",
	"SequenceName": "T2 (AXI)",
	"PulseSequenceName": "T2 (AXI)",
	"ImageType": ["ORIGINAL", "PRIMARY", "T2 MAP", "NONE"],
	"SeriesNumber": 4,
	"AcquisitionTime": "13:11:5.000000",
	"SliceThickness": 5,
	"NumberOfAverages": 4,
	"EchoTime": 0.2084,
	"RepetitionTime": 2,
	"MTState": false,
	"FlipAngle": 90,
	"CoilString": "815-11016-04",
	"PercentPhaseFOV": 65,
	"PercentSampling": 100,
	"EchoTrainLength": 80,
	"PartialFourierDirection": "PHASE",
	"AcquisitionMatrixPE": 146,
	"ReconMatrixPE": 120,
	"AcquisitionDuration": 388.633,
	"PixelBandwidth": 533.333,
	"PhaseEncodingAxis": "i",
	"ImageOrientationPatientDICOM": [
		1,
		0,
		0,
		0,
		1,
		0	],
	"InPlanePhaseEncodingDirectionDICOM": "ROW",
	"ConversionSoftware": "dcm2niix",
	"ConversionSoftwareVersion": "v1.0.20220720"
}
